GEM
  remote: https://rubygems.org/
  specs:
    debase (0.2.4.1)
      debase-ruby_core_source (>= 0.10.2)
    debase-ruby_core_source (0.10.9)
    diff-lcs (1.3)
    ffi (1.12.2)
    king_konf (0.3.7)
    mini_portile2 (2.5.0)
    racecar (2.0.0.beta5)
      king_konf (~> 0.3.7)
      rdkafka (~> 0.8.0.beta.1)
    rake (13.0.1)
    rdkafka (0.8.0.beta.1)
      ffi (~> 1.9)
      mini_portile2 (~> 2.1)
      rake (>= 12.3)
    rspec (3.9.0)
      rspec-core (~> 3.9.0)
      rspec-expectations (~> 3.9.0)
      rspec-mocks (~> 3.9.0)
    rspec-core (3.9.2)
      rspec-support (~> 3.9.3)
    rspec-expectations (3.9.2)
      diff-lcs (>= 1.2.0, < 2.0)
      rspec-support (~> 3.9.0)
    rspec-mocks (3.9.1)
      diff-lcs (>= 1.2.0, < 2.0)
      rspec-support (~> 3.9.0)
    rspec-support (3.9.3)
    ruby-debug-ide (0.7.2)
      rake (>= 0.8.1)
    timecop (0.9.1)

PLATFORMS
  ruby

DEPENDENCIES
  debase
  racecar (~> 2.0.0.beta1)
  rspec
  ruby-debug-ide
  timecop

RUBY VERSION
   ruby 2.7.1p83

BUNDLED WITH
   2.1.4
