GEM
  remote: https://rubygems.org/
  specs:
    activesupport (6.0.3)
      concurrent-ruby (~> 1.0, >= 1.0.2)
      i18n (>= 0.7, < 2)
      minitest (~> 5.1)
      tzinfo (~> 1.1)
      zeitwerk (~> 2.2, >= 2.2.2)
    byebug (11.1.3)
    concurrent-ruby (1.1.6)
    concurrent-ruby-ext (1.1.6)
      concurrent-ruby (= 1.1.6)
    digest-crc (0.5.1)
    exponential-backoff (0.0.4)
    i18n (1.8.2)
      concurrent-ruby (~> 1.0)
    little-plugger (1.1.4)
    logging (2.2.2)
      little-plugger (~> 1.1)
      multi_json (~> 1.10)
    minitest (5.14.0)
    multi_json (1.14.1)
    phobos (1.9.0)
      activesupport (>= 3.0.0)
      concurrent-ruby (>= 1.0.2)
      concurrent-ruby-ext (>= 1.0.2)
      exponential-backoff
      logging
      ruby-kafka
      thor
    rake (13.0.1)
    ruby-debug-ide (0.7.2)
      rake (>= 0.8.1)
    ruby-kafka (1.0.0)
      digest-crc
    thor (1.0.1)
    thread_safe (0.3.6)
    tzinfo (1.2.7)
      thread_safe (~> 0.1)
    zeitwerk (2.3.0)

PLATFORMS
  ruby

DEPENDENCIES
  byebug
  phobos
  ruby-debug-ide

RUBY VERSION
   ruby 2.7.1p83

BUNDLED WITH
   2.1.4
